GEM
  remote: https://rubygems.org/
  specs:
    diff-lcs (1.2.4)
    git (1.2.6)
    json (1.8.1-java)
    maestro-plugin-rake-tasks (1.0.11)
      git
      json (>= 1.4.6)
      nokogiri
      rake (>= 0.9.2)
      rubyzip (>= 1.0.0)
    metaclass (0.0.1)
    mini_portile (0.5.2)
    mocha (0.10.0)
      metaclass (~> 0.0.1)
    nokogiri (1.6.1-java)
      mini_portile (~> 0.5.0)
    rake (0.9.2.2)
    rcov (0.9.11)
    rcov (0.9.11-java)
    rspec (2.14.1)
      rspec-core (~> 2.14.0)
      rspec-expectations (~> 2.14.0)
      rspec-mocks (~> 2.14.0)
    rspec-core (2.14.5)
    rspec-expectations (2.14.2)
      diff-lcs (>= 1.1.3, < 2.0)
    rspec-mocks (2.14.3)
    rubyzip (1.1.0)
    zippy (0.2.1)
      rubyzip (>= 0.9.1)

PLATFORMS
  java

DEPENDENCIES
  git
  maestro-plugin-rake-tasks
  mocha (= 0.10.0)
  nokogiri
  rake (~> 0.9.2.2)
  rcov (= 0.9.11)
  rspec
  zippy
